PATH
  remote: .
  specs:
    logical-insight (0.4.1)
      sqlite3 (~> 1.3.3)
      uuid (~> 2.3.1)

GEM
  remote: http://lrdesign:quiS6Nef@gems.lrdesign.com/
  remote: http://gemcutter.org/
  remote: http://gems.github.com/
  specs:
    archive-tar-minitar (0.5.2)
    columnize (0.3.4)
    corundum (0.0.13)
      bundler (~> 1.0.0)
      mailfactory (~> 1.4.0)
      mattock (>= 0.1.2)
      nokogiri
      rake-rubygems (>= 0.2.0)
      rdoc
      rspec (>= 2.0)
      simplecov (>= 0.5.4)
      yard
    diff-lcs (1.1.3)
    json (1.6.5)
    linecache19 (0.5.12)
      ruby_core_source (>= 0.1.4)
    macaddr (1.5.0)
      systemu (>= 2.4.0)
    mailfactory (1.4.0)
      mime-types (>= 1.13.1)
    mattock (0.2.2)
      tilt (> 0)
      valise (> 0)
    mime-types (1.17.2)
    multi_json (1.0.4)
    nokogiri (1.5.0)
    rack (1.3.5)
    rack-protection (1.1.4)
      rack
    rack-test (0.6.1)
      rack (>= 1.0)
    rake (0.9.2.2)
    rake-rubygems (0.2.0)
      rake (>= 0.8.7)
    rdoc (3.12)
      json (~> 1.4)
    rspec (2.7.0)
      rspec-core (~> 2.7.0)
      rspec-expectations (~> 2.7.0)
      rspec-mocks (~> 2.7.0)
    rspec-core (2.7.1)
    rspec-expectations (2.7.0)
      diff-lcs (~> 1.1.2)
    rspec-mocks (2.7.0)
    ruby-debug-base19 (0.11.25)
      columnize (>= 0.3.1)
      linecache19 (>= 0.5.11)
      ruby_core_source (>= 0.1.4)
    ruby-debug19 (0.11.6)
      columnize (>= 0.3.1)
      linecache19 (>= 0.5.11)
      ruby-debug-base19 (>= 0.11.19)
    ruby_core_source (0.1.5)
      archive-tar-minitar (>= 0.5.2)
    simplecov (0.5.4)
      multi_json (~> 1.0.3)
      simplecov-html (~> 0.5.3)
    simplecov-html (0.5.3)
    sinatra (1.3.1)
      rack (~> 1.3, >= 1.3.4)
      rack-protection (~> 1.1, >= 1.1.2)
      tilt (~> 1.3, >= 1.3.3)
    sqlite3 (1.3.4)
    systemu (2.4.1)
    tilt (1.3.3)
    uuid (2.3.4)
      macaddr (~> 1.0)
    valise (0.4)
    webrat (0.7.3)
      nokogiri (>= 1.2.0)
      rack (>= 1.0)
      rack-test (>= 0.5.3)
    yard (0.7.5)

PLATFORMS
  ruby

DEPENDENCIES
  corundum (~> 0.0.13)
  logical-insight!
  rspec
  ruby-debug19
  sinatra
  webrat
